GEM
  remote: https://rubygems.org/
  specs:
    clamp (1.3.3)
    minitest (5.25.5)

PLATFORMS
  ruby
  x86_64-linux

DEPENDENCIES
  clamp (~> 1.3)
  minitest (~> 5.0)

BUNDLED WITH
   2.7.1
