GEM
  remote: https://rubygems.org/
  specs:
    clamp (1.3.3)

PLATFORMS
  ruby
  x86_64-linux

DEPENDENCIES
  clamp (~> 1.3)

BUNDLED WITH
   2.7.0
